GEM
  remote: https://rubygems.org/
  specs:
    actionpack (5.2.6)
      actionview (= 5.2.6)
      activesupport (= 5.2.6)
      rack (~> 2.0, >= 2.0.8)
      rack-test (>= 0.6.3)
      rails-dom-testing (~> 2.0)
      rails-html-sanitizer (~> 1.0, >= 1.0.2)
    actionview (5.2.6)
      activesupport (= 5.2.6)
      builder (~> 3.1)
      erubi (~> 1.4)
      rails-dom-testing (~> 2.0)
      rails-html-sanitizer (~> 1.0, >= 1.0.3)
    activesupport (5.2.6)
      concurrent-ruby (~> 1.0, >= 1.0.2)
      i18n (>= 0.7, < 2)
      minitest (~> 5.1)
      tzinfo (~> 1.1)
    addressable (2.8.0)
      public_suffix (>= 2.0.2, < 5.0)
    ast (2.4.2)
    builder (3.2.4)
    byebug (11.1.3)
    chunky_png (1.4.0)
    concurrent-ruby (1.1.9)
    crack (0.4.5)
      rexml
    crass (1.0.6)
    diff-lcs (1.4.4)
    erubi (1.10.0)
    ethon (0.15.0)
      ffi (>= 1.15.0)
    ffi (1.15.4)
    hashdiff (1.0.1)
    i18n (1.8.11)
      concurrent-ruby (~> 1.0)
    jwt (2.3.0)
    listen (3.1.5)
      rb-fsevent (~> 0.9, >= 0.9.4)
      rb-inotify (~> 0.9, >= 0.9.7)
      ruby_dep (~> 1.2)
    loofah (2.13.0)
      crass (~> 1.0.2)
      nokogiri (>= 1.5.9)
    method_source (1.0.0)
    mini_portile2 (2.6.1)
    minitest (5.15.0)
    nio4r (2.5.8)
    nokogiri (1.12.5)
      mini_portile2 (~> 2.6.1)
      racc (~> 1.4)
    parallel (1.21.0)
    parser (3.0.3.2)
      ast (~> 2.4.1)
    public_suffix (4.0.6)
    puma (4.3.10)
      nio4r (~> 2.0)
    racc (1.6.0)
    rack (2.2.3)
    rack-test (1.1.0)
      rack (>= 1.0, < 3)
    rails-dom-testing (2.0.3)
      activesupport (>= 4.2.0)
      nokogiri (>= 1.6)
    rails-html-sanitizer (1.4.2)
      loofah (~> 2.3)
    railties (5.2.6)
      actionpack (= 5.2.6)
      activesupport (= 5.2.6)
      method_source
      rake (>= 0.8.7)
      thor (>= 0.19.0, < 2.0)
    rainbow (3.0.0)
    rake (13.0.6)
    rb-fsevent (0.11.0)
    rb-inotify (0.10.1)
      ffi (~> 1.0)
    regexp_parser (2.2.0)
    rexml (3.2.5)
    rspec-core (3.10.1)
      rspec-support (~> 3.10.0)
    rspec-expectations (3.10.1)
      diff-lcs (>= 1.2.0, < 2.0)
      rspec-support (~> 3.10.0)
    rspec-mocks (3.10.2)
      diff-lcs (>= 1.2.0, < 2.0)
      rspec-support (~> 3.10.0)
    rspec-rails (5.0.2)
      actionpack (>= 5.2)
      activesupport (>= 5.2)
      railties (>= 5.2)
      rspec-core (~> 3.10)
      rspec-expectations (~> 3.10)
      rspec-mocks (~> 3.10)
      rspec-support (~> 3.10)
    rspec-support (3.10.3)
    rubocop (1.23.0)
      parallel (~> 1.10)
      parser (>= 3.0.0.0)
      rainbow (>= 2.2.2, < 4.0)
      regexp_parser (>= 1.8, < 3.0)
      rexml
      rubocop-ast (>= 1.12.0, < 2.0)
      ruby-progressbar (~> 1.7)
      unicode-display_width (>= 1.4.0, < 3.0)
    rubocop-ast (1.15.0)
      parser (>= 3.0.1.1)
    ruby-progressbar (1.11.0)
    ruby_dep (1.5.0)
    thor (1.1.0)
    thread_safe (0.3.6)
    typhoeus (1.4.0)
      ethon (>= 0.9.0)
    tzinfo (1.2.9)
      thread_safe (~> 0.1)
    tzinfo-data (1.2021.5)
      tzinfo (>= 1.0.0)
    unicode-display_width (2.1.0)
    webmock (3.14.0)
      addressable (>= 2.8.0)
      crack (>= 0.3.2)
      hashdiff (>= 0.4.0, < 2.0.0)

PLATFORMS
  ruby

DEPENDENCIES
  actionpack (~> 5.2)
  activesupport (~> 5.2)
  byebug
  chunky_png
  jwt
  listen (>= 3.0.5, < 3.2)
  puma (~> 4.3)
  railties (~> 5.2)
  rspec-rails
  rubocop
  typhoeus
  tzinfo-data
  webmock

BUNDLED WITH
   2.2.29
